GEM
  remote: http://rubygems.org/
  specs:
    httpclient (2.2.7)
    json (1.7.5)
    nokogiri (1.5.5)

PLATFORMS
  ruby

DEPENDENCIES
  httpclient
  json
  nokogiri
